PATH
  remote: .
  specs:
    tongo (0.0.1)
      nokogiri
      temple
      tilt
      tongo

GEM
  remote: http://rubygems.org/
  specs:
    diff-lcs (1.1.2)
    git (1.2.5)
    jeweler (1.5.2)
      bundler (~> 1.0.0)
      git (>= 1.2.5)
      rake
    nokogiri (1.4.4)
    rake (0.8.7)
    rcov (0.9.9)
    rspec (2.5.0)
      rspec-core (~> 2.5.0)
      rspec-expectations (~> 2.5.0)
      rspec-mocks (~> 2.5.0)
    rspec-core (2.5.2)
    rspec-expectations (2.5.0)
      diff-lcs (~> 1.1.2)
    rspec-mocks (2.5.0)
    temple (0.2.0)
    tilt (1.3)

PLATFORMS
  ruby

DEPENDENCIES
  bundler
  jeweler (~> 1.5.0.pre6)
  rcov
  rspec
  tongo!
